GEM
  remote: https://rubygems.org/
  specs:
    base64 (0.2.0)
    bigdecimal (3.1.9)
    builder (3.3.0)
    camping (3.2.6)
      dry-logger (~> 1.0.4)
      kdl (~> 1.0, >= 1.0.5)
      listen (~> 3.9.0, >= 3.9.0)
      mab (~> 0.0, >= 0.0.3)
      rack (~> 3.0, >= 3.0.4.1)
      rack-session (~> 2.0, >= 2.0.0)
      rackup (~> 2.1.0)
      rake (~> 13.2.1)
      tilt (~> 2.3.0)
      zeitwerk (~> 2.6.15, >= 2.6.15)
    date (3.4.1)
    dry-logger (1.0.4)
    ffi (1.17.1-aarch64-linux-gnu)
    ffi (1.17.1-arm-linux-gnu)
    ffi (1.17.1-x86_64-linux-gnu)
    io-console (0.8.0)
    irb (1.14.3)
      rdoc (>= 4.0.0)
      reline (>= 0.4.2)
    kdl (1.0.6)
      base64 (~> 0.2.0)
      bigdecimal (~> 3.1.6)
      racc (~> 1.5)
      simpleidn (~> 0.2.1)
    listen (3.9.0)
      rb-fsevent (~> 0.10, >= 0.10.3)
      rb-inotify (~> 0.9, >= 0.9.10)
    logger (1.6.4)
    mab (0.0.3)
    markaby (0.9.4)
      builder
    psych (5.2.2)
      date
      stringio
    racc (1.8.1)
    rack (3.1.8)
    rack-session (2.0.0)
      rack (>= 3.0.0)
    rackup (2.1.0)
      rack (>= 3)
      webrick (~> 1.8)
    rake (13.2.1)
    rb-fsevent (0.11.2)
    rb-inotify (0.11.1)
      ffi (~> 1.0)
    rdoc (6.10.0)
      psych (>= 4.0.0)
    reline (0.6.0)
      io-console (~> 0.5)
    simpleidn (0.2.3)
    stringio (3.1.2)
    tilt (2.3.0)
    webrick (1.9.1)
    zeitwerk (2.6.18)

PLATFORMS
  aarch64-linux
  armv6l-linux-eabihf
  x86_64-linux

DEPENDENCIES
  bigdecimal (~> 3.1)
  camping (~> 3.0)
  irb (~> 1.14)
  logger (~> 1.6)
  markaby (~> 0.9.0)

BUNDLED WITH
   2.6.2
