GEM
  remote: https://rubygems.org/
  specs:
    builder (3.2.4)
    camping (3.0.2)
      kdl (~> 1.0, >= 1.0.3)
      mab (~> 0.0, >= 0.0.3)
      rack (~> 3.0, >= 3.0.4.1)
      rack-session (~> 2.0, >= 2.0.0)
      rackup (~> 2.1.0)
    kdl (1.0.3)
      simpleidn (~> 0.2.1)
    mab (0.0.3)
    markaby (0.9.0)
      builder
    rack (3.0.7)
    rack-session (2.0.0)
      rack (>= 3.0.0)
    rackup (2.1.0)
      rack (>= 3)
      webrick (~> 1.8)
    simpleidn (0.2.1)
      unf (~> 0.1.4)
    unf (0.1.4)
      unf_ext
    unf_ext (0.0.8.2)
    webrick (1.8.1)

PLATFORMS
  armv6l-linux-eabihf
  x86_64-linux

DEPENDENCIES
  camping (~> 3.0)
  markaby (~> 0.9.0)

BUNDLED WITH
   2.4.10
